GEM
  remote: https://rubygems.org/
  specs:
    activesupport (4.2.4)
      i18n (~> 0.7)
      json (~> 1.7, >= 1.7.7)
      minitest (~> 5.1)
      thread_safe (~> 0.3, >= 0.3.4)
      tzinfo (~> 1.1)
    chronic_duration (0.10.6)
      numerizer (~> 0.1.1)
    clockwork (1.2.0)
      activesupport
      tzinfo
    coinbase (4.0.9)
    domain_name (0.5.25)
      unf (>= 0.0.5, < 1.0.0)
    http-cookie (1.0.2)
      domain_name (~> 0.5)
    i18n (0.7.0)
    json (1.8.3)
    mailgun-ruby (1.0.3)
      json (~> 1.8)
      rest-client (~> 1.6)
    mime-types (2.6.2)
    minitest (5.8.2)
    monetize (1.3.1)
      money (~> 6.6)
    money (6.6.1)
      i18n (>= 0.6.4, <= 0.7.0)
    money-open-exchange-rates (0.4.0)
      json (~> 1.8)
      monetize (~> 1.3)
      money (~> 6.6)
    netrc (0.11.0)
    numerizer (0.1.1)
    rake (10.4.2)
    rest-client (1.8.0)
      http-cookie (>= 1.0.2, < 2.0)
      mime-types (>= 1.16, < 3.0)
      netrc (~> 0.7)
    thread_safe (0.3.5)
    tzinfo (1.2.2)
      thread_safe (~> 0.1)
    unf (0.1.4)
      unf_ext
    unf_ext (0.0.7.1)

PLATFORMS
  ruby

DEPENDENCIES
  chronic_duration (~> 0.10)
  clockwork (~> 1.2)
  coinbase (~> 4.0)
  mailgun-ruby (~> 1.0.3)
  money-open-exchange-rates (~> 0.3)
  rake (~> 10.4)

BUNDLED WITH
   1.10.6
